GIT
  remote: https://github.com/stripe/stripe-ruby
  revision: 0c281891948a793e79cc997d31918ba7f987f7ae
  specs:
    stripe (1.7.8)
      multi_json (>= 1.0.4, < 2)
      rest-client (~> 1.4)

GEM
  remote: http://rubygems.org/
  specs:
    mime-types (1.19)
    multi_json (1.4.0)
    rack (1.4.1)
    rest-client (1.6.7)
      mime-types (>= 1.16)
    sinatra (1.1.0)
      rack (~> 1.1)
      tilt (~> 1.1)
    tilt (1.3.3)

PLATFORMS
  ruby

DEPENDENCIES
  sinatra (= 1.1.0)
  stripe!
